GEM
  remote: https://rubygems.org/
  specs:
    activerecord (3.2.14)
    activesupport (6.1.7.1)
      concurrent-ruby (~> 1.0, >= 1.0.2)
      i18n (>= 1.6, < 2)
      minitest (>= 5.1)
      tzinfo (~> 2.0)
      zeitwerk (~> 2.3)
    coderay (1.1.1)
    concurrent-ruby (1.1.10)
    hash_diff (1.1.1)
    httparty (0.21.0)
      mini_mime (>= 1.0.0)
      multi_xml (>= 0.5.2)
    i18n (1.12.0)
      concurrent-ruby (~> 1.0)
    jwt (2.6.0)
    method_source (0.8.2)
    mini_mime (1.1.2)
    minitest (5.17.0)
    multi_json (1.12.1)
    multi_xml (0.6.0)
    oj (2.18.5)
    openssl (3.1.0)
    pg (0.19.0)
    pry (0.10.4)
      coderay (~> 1.1.0)
      method_source (~> 0.8.1)
      slop (~> 3.4)
    rack (1.6.5)
    rack-protection (1.5.3)
      rack
    rake (10.4.2)
    rollbar (2.14.0)
      multi_json
    securerandom (0.2.2)
    shopify_api (12.4.0)
      activesupport
      concurrent-ruby
      hash_diff
      httparty
      jwt
      oj
      openssl
      securerandom
      sorbet-runtime
      zeitwerk (~> 2.5, < 2.6.5)
    sinatra (1.4.7)
      rack (~> 1.5)
      rack-protection (~> 1.4)
      tilt (>= 1.3, < 3)
    sinatra-activerecord (2.0.15)
      activerecord (>= 3.2)
      sinatra (>= 1.0)
    slop (3.6.0)
    sorbet-runtime (0.5.10461)
    tilt (2.0.5)
    tzinfo (2.0.5)
      concurrent-ruby (~> 1.0)
    zeitwerk (2.6.4)

PLATFORMS
  ruby

DEPENDENCIES
  oj (~> 2.12)
  pg
  pry
  rake
  rollbar
  shopify_api
  sinatra
  sinatra-activerecord

RUBY VERSION
   ruby 2.6.5p114

BUNDLED WITH
   2.1.4
