GEM
  remote: https://rubygems.org/
  specs:
    activemodel (4.2.7.1)
      activesupport (= 4.2.7.1)
      builder (~> 3.1)
    activerecord (4.2.7.1)
      activemodel (= 4.2.7.1)
      activesupport (= 4.2.7.1)
      arel (~> 6.0)
    activeresource (4.1.0)
      activemodel (~> 4.0)
      activesupport (~> 4.0)
      rails-observers (~> 0.1.2)
    activesupport (4.2.7.1)
      i18n (~> 0.7)
      json (~> 1.7, >= 1.7.7)
      minitest (~> 5.1)
      thread_safe (~> 0.3, >= 0.3.4)
      tzinfo (~> 1.1)
    arel (6.0.3)
    builder (3.2.2)
    coderay (1.1.1)
    i18n (0.7.0)
    json (1.8.6)
    method_source (0.8.2)
    minitest (5.10.1)
    multi_json (1.12.1)
    mustermann (2.0.2)
      ruby2_keywords (~> 0.0.1)
    oj (2.18.5)
    pg (0.19.0)
    pry (0.10.4)
      coderay (~> 1.1.0)
      method_source (~> 0.8.1)
      slop (~> 3.4)
    rack (2.2.4)
    rack-protection (2.2.3)
      rack
    rails-observers (0.1.2)
      activemodel (~> 4.0)
    rake (10.4.2)
    rollbar (2.14.0)
      multi_json
    ruby2_keywords (0.0.5)
    shopify_api (4.3.3)
      activeresource (>= 3.0.0)
      rack
    sinatra (2.2.3)
      mustermann (~> 2.0)
      rack (~> 2.2)
      rack-protection (= 2.2.3)
      tilt (~> 2.0)
    sinatra-activerecord (2.0.26)
      activerecord (>= 4.1)
      sinatra (>= 1.0)
    slop (3.6.0)
    thread_safe (0.3.5)
    tilt (2.0.11)
    tzinfo (1.2.2)
      thread_safe (~> 0.1)

PLATFORMS
  ruby

DEPENDENCIES
  oj (~> 2.12)
  pg
  pry
  rake
  rollbar
  shopify_api
  sinatra
  sinatra-activerecord

RUBY VERSION
   ruby 2.6.5p114

BUNDLED WITH
   2.1.4
